PATH
  remote: .
  specs:
    fisheye_crucible_api (0.0.1)
      faraday (~> 0.9.0)

GEM
  remote: https://rubygems.org/
  specs:
    faraday (0.9.0)
      multipart-post (>= 1.2, < 3)
    multipart-post (2.0.0)
    rake (10.3.2)

PLATFORMS
  ruby

DEPENDENCIES
  bundler (~> 1.5)
  fisheye_crucible_api!
  rake
